PATH
  remote: .
  specs:
    callcredit (0.9.6)
      i18n
      nokogiri (~> 1.10)
      savon (~> 2.12)

GEM
  remote: https://rubygems.org/
  specs:
    activesupport (6.1.7.1)
      concurrent-ruby (~> 1.0, >= 1.0.2)
      i18n (>= 1.6, < 2)
      minitest (>= 5.1)
      tzinfo (~> 2.0)
      zeitwerk (~> 2.3)
    addressable (2.6.0)
      public_suffix (>= 2.0.2, < 4.0)
    akami (1.3.1)
      gyoku (>= 0.4.0)
      nokogiri
    builder (3.2.3)
    coderay (1.1.2)
    concurrent-ruby (1.1.10)
    crack (0.4.3)
      safe_yaml (~> 1.0.0)
    diff-lcs (1.3)
    gyoku (1.3.1)
      builder (>= 2.1.2)
    hashdiff (0.3.8)
    httpi (2.4.4)
      rack
      socksify
    i18n (1.12.0)
      concurrent-ruby (~> 1.0)
    method_source (1.0.0)
    mini_portile2 (2.4.0)
    minitest (5.17.0)
    nokogiri (1.10.10)
      mini_portile2 (~> 2.4.0)
    nori (2.6.0)
    pry (0.13.1)
      coderay (~> 1.1)
      method_source (~> 1.0)
    public_suffix (3.0.3)
    rack (2.0.6)
    rake (12.3.3)
    rspec (3.8.0)
      rspec-core (~> 3.8.0)
      rspec-expectations (~> 3.8.0)
      rspec-mocks (~> 3.8.0)
    rspec-core (3.8.0)
      rspec-support (~> 3.8.0)
    rspec-expectations (3.8.2)
      diff-lcs (>= 1.2.0, < 2.0)
      rspec-support (~> 3.8.0)
    rspec-mocks (3.8.0)
      diff-lcs (>= 1.2.0, < 2.0)
      rspec-support (~> 3.8.0)
    rspec-support (3.8.0)
    safe_yaml (1.0.4)
    savon (2.12.0)
      akami (~> 1.2)
      builder (>= 2.1.2)
      gyoku (~> 1.2)
      httpi (~> 2.3)
      nokogiri (>= 1.8.1)
      nori (~> 2.4)
      wasabi (~> 3.4)
    socksify (1.7.1)
    tzinfo (2.0.5)
      concurrent-ruby (~> 1.0)
    vcr (4.0.0)
    wasabi (3.5.0)
      httpi (~> 2.0)
      nokogiri (>= 1.4.2)
    webmock (3.4.2)
      addressable (>= 2.3.6)
      crack (>= 0.3.2)
      hashdiff
    zeitwerk (2.6.6)

PLATFORMS
  ruby

DEPENDENCIES
  activesupport (~> 6)
  bundler
  callcredit!
  pry
  rake
  rspec (~> 3)
  safe_yaml (= 1.0.4)
  vcr (= 4.0.0)
  webmock (= 3.4.2)

BUNDLED WITH
   2.0.1
